PATH
  remote: .
  specs:
    thick (1.0.0)

GEM
  remote: http://rubygems.org/
  specs:

PLATFORMS
  java

DEPENDENCIES
  thick!
